GEM
  remote: https://rubygems.org/
  specs:
    clap (1.0.0)
    cuba (3.8.0)
      rack (>= 1.6.0)
    cutest (1.2.3)
      clap
    mail (2.6.5)
      mime-types (>= 1.16, < 4)
    mime-types (3.1)
      mime-types-data (~> 3.2015)
    mime-types-data (3.2016.0521)
    rack (2.0.3)
    rack-protection (2.0.0)
      rack
    rack-test (0.6.3)
      rack (>= 1.0)
    sequel (4.46.0)
    sqlite3 (1.3.13)

PLATFORMS
  ruby

DEPENDENCIES
  cuba (>= 3.8.0)
  cutest (>= 1.2.3)
  mail (>= 2.6.5)
  rack-protection (>= 1.5.3)
  rack-test (>= 0.6.3)
  sequel (>= 4.46.0)
  sqlite3 (>= 1.3.13)

BUNDLED WITH
   1.14.6
